GEM
  remote: https://rubygems.org/
  specs:
    mustermann (2.0.2)
      ruby2_keywords (~> 0.0.1)
    rack (2.2.4)
    rack-protection (2.2.2)
      rack
    ruby2_keywords (0.0.5)
    sequel (5.61.0)
    sinatra (2.2.2)
      mustermann (~> 2.0)
      rack (~> 2.2)
      rack-protection (= 2.2.2)
      tilt (~> 2.0)
    sqlite3 (1.5.3-x64-mingw-ucrt)
    tilt (2.0.11)

PLATFORMS
  x64-mingw-ucrt

DEPENDENCIES
  sequel (~> 5.61)
  sinatra (~> 2.2)
  sqlite3 (~> 1.5)

BUNDLED WITH
   2.3.7
