GEM
  remote: https://rubygems.org/
  specs:
    coderay (1.1.3)
    connection_pool (2.3.0)
    method_source (1.0.0)
    mustermann (2.0.2)
      ruby2_keywords (~> 0.0.1)
    pry (0.13.1)
      coderay (~> 1.1)
      method_source (~> 1.0)
    rack (2.2.4)
    rack-protection (2.2.2)
      rack
    redis (5.0.5)
      redis-client (>= 0.9.0)
    redis-client (0.11.2)
      connection_pool
    ruby2_keywords (0.0.5)
    sequel (5.61.0)
    sinatra (2.2.2)
      mustermann (~> 2.0)
      rack (~> 2.2)
      rack-protection (= 2.2.2)
      tilt (~> 2.0)
    sqlite3 (1.5.3-x64-mingw-ucrt)
    tilt (2.0.11)
    zeitwerk (2.6.1)

PLATFORMS
  x64-mingw-ucrt

DEPENDENCIES
  connection_pool (~> 2.3)
  pry (~> 0.13.1)
  redis (~> 5.0)
  sequel (~> 5.61)
  sinatra (~> 2.2)
  sqlite3 (~> 1.5)
  zeitwerk (~> 2.6)

BUNDLED WITH
   2.3.26
